PATH
  remote: .
  specs:
    mobile_detect (1.0)
      json

GEM
  remote: https://rubygems.org/
  specs:
    colorize (0.5.8)
    coveralls (0.6.7)
      colorize
      multi_json (~> 1.3)
      rest-client
      simplecov (>= 0.7)
      thor
    diff-lcs (1.2.4)
    json (1.7.7)
    mime-types (1.23)
    multi_json (1.7.3)
    rake (10.0.4)
    rest-client (1.6.7)
      mime-types (>= 1.16)
    rspec (2.13.0)
      rspec-core (~> 2.13.0)
      rspec-expectations (~> 2.13.0)
      rspec-mocks (~> 2.13.0)
    rspec-core (2.13.1)
    rspec-expectations (2.13.0)
      diff-lcs (>= 1.1.3, < 2.0)
    rspec-mocks (2.13.1)
    simplecov (0.7.1)
      multi_json (~> 1.0)
      simplecov-html (~> 0.7.1)
    simplecov-gem-adapter (1.0.1)
      simplecov
    simplecov-html (0.7.1)
    thor (0.18.1)
    to_regexp (0.2.1)

PLATFORMS
  ruby

DEPENDENCIES
  coveralls
  json
  mobile_detect!
  rake
  rspec
  simplecov
  simplecov-gem-adapter
  to_regexp
